PATH
  remote: .
  specs:
    opal-pouchdb (0.0.1)
      opal (>= 0.7.0, < 0.9.0)

GEM
  remote: https://rubygems.org/
  specs:
    hike (1.2.3)
    multi_json (1.11.0)
    opal (0.7.1)
      hike (~> 1.2)
      sourcemap (~> 0.1.0)
      sprockets (>= 2.2.3, < 4.0.0)
      tilt (~> 1.4)
    opal-rspec (0.4.1)
      opal (~> 0.7.0)
    rack (1.6.0)
    rake (10.4.2)
    sourcemap (0.1.1)
    sprockets (2.12.3)
      hike (~> 1.2)
      multi_json (~> 1.0)
      rack (~> 1.0)
      tilt (~> 1.1, != 1.3.0)
    tilt (1.4.1)
    yard (0.8.7.6)

PLATFORMS
  ruby

DEPENDENCIES
  opal-pouchdb!
  opal-rspec (~> 0.4.0)
  rake
  yard
